PATH
  remote: .
  specs:
    hutch-retry (0.1.0)
      hutch (= 1.1.1)

GEM
  remote: https://rubygems.org/
  specs:
    activesupport (7.0.4)
      concurrent-ruby (~> 1.0, >= 1.0.2)
      i18n (>= 1.6, < 2)
      minitest (>= 5.1)
      tzinfo (~> 2.0)
    amq-protocol (2.3.2)
    bunny (2.19.0)
      amq-protocol (~> 2.3, >= 2.3.1)
      sorted_set (~> 1, >= 1.0.2)
    carrot-top (0.0.7)
      json
    concurrent-ruby (1.1.10)
    diff-lcs (1.5.0)
    hutch (1.1.1)
      activesupport (>= 4.2, < 8)
      bunny (>= 2.19, < 3.0)
      carrot-top (~> 0.0.7)
      multi_json (~> 1.15)
    i18n (1.12.0)
      concurrent-ruby (~> 1.0)
    json (2.6.2)
    minitest (5.16.3)
    multi_json (1.15.0)
    rake (13.0.6)
    rbtree (0.4.5)
    rspec (3.11.0)
      rspec-core (~> 3.11.0)
      rspec-expectations (~> 3.11.0)
      rspec-mocks (~> 3.11.0)
    rspec-core (3.11.0)
      rspec-support (~> 3.11.0)
    rspec-expectations (3.11.1)
      diff-lcs (>= 1.2.0, < 2.0)
      rspec-support (~> 3.11.0)
    rspec-mocks (3.11.1)
      diff-lcs (>= 1.2.0, < 2.0)
      rspec-support (~> 3.11.0)
    rspec-support (3.11.1)
    set (1.0.3)
    sorted_set (1.0.3)
      rbtree
      set (~> 1.0)
    timecop (0.9.5)
    tzinfo (2.0.5)
      concurrent-ruby (~> 1.0)

PLATFORMS
  arm64-darwin-21

DEPENDENCIES
  hutch-retry!
  rake (~> 13.0)
  rspec (~> 3.0)
  timecop

BUNDLED WITH
   2.3.14
